PATH
  remote: .
  specs:
    arst (0.0.1)
      active_support (~> 3.0.0)
      parslet (~> 1.5.0)
      version (~> 1.0.0)

GEM
  remote: https://rubygems.org/
  specs:
    active_support (3.0.0)
      activesupport (= 3.0.0)
    activesupport (3.0.0)
    awesome_print (1.1.0)
    blankslate (2.1.2.4)
    climate_control (0.0.3)
      activesupport (>= 3.0)
    cocaine (0.5.1)
      climate_control (>= 0.0.3, < 1.0)
    coderay (1.0.9)
    formatador (0.2.4)
    guard (1.7.0)
      formatador (>= 0.2.4)
      listen (>= 0.6.0)
      lumberjack (>= 1.0.2)
      pry (>= 0.9.10)
      thor (>= 0.14.6)
    guard-bundler (1.0.0)
      bundler (~> 1.0)
      guard (~> 1.1)
    guard-shell (0.5.1)
      guard (>= 1.1.0)
    listen (0.7.3)
    lumberjack (1.0.3)
    method_source (0.8.1)
    parslet (1.5.0)
      blankslate (~> 2.0)
    pry (0.9.12)
      coderay (~> 1.0.5)
      method_source (~> 0.8)
      slop (~> 3.4)
    rake (10.0.4)
    rb-fsevent (0.9.3)
    slop (3.4.4)
    thor (0.18.1)
    version (1.0.0)

PLATFORMS
  ruby
  x86-mingw32

DEPENDENCIES
  arst!
  awesome_print (~> 1.1.0)
  cocaine (~> 0.5.0)
  guard-bundler (~> 1.0.0)
  guard-shell (~> 0.5.0)
  rake (~> 10.0.0)
  rb-fsevent (~> 0.9.0)
